PATH
  remote: .
  specs:
    pg_objects (0.5.11)
      activerecord (>= 6.0.3.5, < 7)
      pg_query (~> 1)
      railties (>= 4, < 7)
      rake-hooks (~> 1)

GEM
  remote: https://rubygems.org/
  specs:
    actionpack (6.1.5)
      actionview (= 6.1.5)
      activesupport (= 6.1.5)
      rack (~> 2.0, >= 2.0.9)
      rack-test (>= 0.6.3)
      rails-dom-testing (~> 2.0)
      rails-html-sanitizer (~> 1.0, >= 1.2.0)
    actionview (6.1.5)
      activesupport (= 6.1.5)
      builder (~> 3.1)
      erubi (~> 1.4)
      rails-dom-testing (~> 2.0)
      rails-html-sanitizer (~> 1.1, >= 1.2.0)
    activemodel (6.1.5)
      activesupport (= 6.1.5)
    activerecord (6.1.5)
      activemodel (= 6.1.5)
      activesupport (= 6.1.5)
    activesupport (6.1.5)
      concurrent-ruby (~> 1.0, >= 1.0.2)
      i18n (>= 1.6, < 2)
      minitest (>= 5.1)
      tzinfo (~> 2.0)
      zeitwerk (~> 2.3)
    ast (2.4.2)
    builder (3.2.4)
    byebug (11.1.3)
    concurrent-ruby (1.1.10)
    crass (1.0.6)
    diff-lcs (1.5.0)
    erubi (1.10.0)
    i18n (1.10.0)
      concurrent-ruby (~> 1.0)
    loofah (2.15.0)
      crass (~> 1.0.2)
      nokogiri (>= 1.5.9)
    method_source (1.0.0)
    mini_portile2 (2.8.0)
    minitest (5.15.0)
    nokogiri (1.13.3)
      mini_portile2 (~> 2.8.0)
      racc (~> 1.4)
    parallel (1.22.0)
    parser (3.1.1.0)
      ast (~> 2.4.1)
    pg_query (1.3.0)
    racc (1.6.0)
    rack (2.2.3.1)
    rack-test (1.1.0)
      rack (>= 1.0, < 3)
    rails-dom-testing (2.0.3)
      activesupport (>= 4.2.0)
      nokogiri (>= 1.6)
    rails-html-sanitizer (1.4.2)
      loofah (~> 2.3)
    railties (6.1.5)
      actionpack (= 6.1.5)
      activesupport (= 6.1.5)
      method_source
      rake (>= 12.2)
      thor (~> 1.0)
    rainbow (3.1.1)
    rake (13.0.6)
    rake-hooks (1.2.3)
      rake
    regexp_parser (2.2.1)
    rexml (3.2.5)
    rspec (3.11.0)
      rspec-core (~> 3.11.0)
      rspec-expectations (~> 3.11.0)
      rspec-mocks (~> 3.11.0)
    rspec-core (3.11.0)
      rspec-support (~> 3.11.0)
    rspec-expectations (3.11.0)
      diff-lcs (>= 1.2.0, < 2.0)
      rspec-support (~> 3.11.0)
    rspec-mocks (3.11.0)
      diff-lcs (>= 1.2.0, < 2.0)
      rspec-support (~> 3.11.0)
    rspec-support (3.11.0)
    rubocop (1.26.1)
      parallel (~> 1.10)
      parser (>= 3.1.0.0)
      rainbow (>= 2.2.2, < 4.0)
      regexp_parser (>= 1.8, < 3.0)
      rexml
      rubocop-ast (>= 1.16.0, < 2.0)
      ruby-progressbar (~> 1.7)
      unicode-display_width (>= 1.4.0, < 3.0)
    rubocop-ast (1.16.0)
      parser (>= 3.1.1.0)
    rubocop-rails (2.14.2)
      activesupport (>= 4.2.0)
      rack (>= 1.1)
      rubocop (>= 1.7.0, < 2.0)
    rubocop-rake (0.6.0)
      rubocop (~> 1.0)
    rubocop-rspec (2.9.0)
      rubocop (~> 1.19)
    ruby-progressbar (1.11.0)
    thor (1.2.1)
    tzinfo (2.0.4)
      concurrent-ruby (~> 1.0)
    unicode-display_width (2.1.0)
    zeitwerk (2.5.4)

PLATFORMS
  ruby

DEPENDENCIES
  bundler
  byebug
  pg_objects!
  rake
  rspec
  rubocop
  rubocop-rails
  rubocop-rake
  rubocop-rspec

BUNDLED WITH
   1.17.3
